NUGET
  remote: https://www.nuget.org/api/v2
    FAKE (4.29.2)
    Microsoft.Bcl (1.1.10) - framework: net10, net11, net20, net30, net35, net40, net40-full
      Microsoft.Bcl.Build (>= 1.0.14)
    Microsoft.Bcl.Build (1.0.21) - import_targets: false, framework: net10, net11, net20, net30, net35, net40, net40-full
    Microsoft.Net.Http (2.2.29) - framework: net10, net11, net20, net30, net35, net40, net40-full
      Microsoft.Bcl (>= 1.1.10)
      Microsoft.Bcl.Build (>= 1.0.14)
    Node.js (5.3)
    Npm.js (2.13.1)
      Node.js (>= 0.12.7)
    Octokit (0.20)
      Microsoft.Net.Http  - framework: net10, net11, net20, net30, net35, net40, net40-full
GIT
  remote: https://github.com/ionide/ionide-vscode-helpers.git
     (b81a80ede2179222a5639cf866423d9bc6c2f0b4)
      build: build.cmd
      os: windows
     (b81a80ede2179222a5639cf866423d9bc6c2f0b4)
      build: build.sh
      os: mono
  remote: https://github.com/ionide/ionide-fsgrammar.git
     (c8fea8dc0a224a2ceb2371bc5e941157aca3de9e)
GITHUB
  remote: fsharp/FAKE
    modules/Octokit/Octokit.fsx (c56456abac6b744c3bb95b217687db19fd19b367)
      Octokit
  remote: Ionide/ionide-vscode-helpers
    Fable.Import.VSCode.fs (318127fa718355e06b4b1c34d15d1bcaf61279bf)
    Helpers.fs (318127fa718355e06b4b1c34d15d1bcaf61279bf)